PATH
  remote: .
  specs:
    www-delicious (0.4.0)

GEM
  remote: http://rubygems.org/
  specs:
    metaclass (0.0.1)
    mocha (0.10.0)
      metaclass (~> 0.0.1)
    rake (0.9.2.2)

PLATFORMS
  ruby

DEPENDENCIES
  mocha
  rake
  www-delicious!
